RESTRICTION: >= net461
NUGET
  remote: https://www.nuget.org/api/v2
    Argu (5.0.1)
      FSharp.Core (>= 4.0.0.1)
    FSharp.Core (4.3.4)
    Npgsql (3.2.6)
      System.Threading.Tasks.Extensions (>= 4.3)
    Simple.Migrations (0.9.19)
    System.Collections (4.3) - restriction: && (>= net461) (< netstandard2.0)
    System.Runtime (4.3) - restriction: && (>= net461) (< netstandard2.0)
    System.Threading.Tasks (4.3) - restriction: && (>= net461) (< netstandard2.0)
    System.Threading.Tasks.Extensions (4.4)
      System.Collections (>= 4.3) - restriction: && (>= net461) (< netstandard2.0)
      System.Runtime (>= 4.3) - restriction: && (>= net461) (< netstandard2.0)
      System.Threading.Tasks (>= 4.3) - restriction: && (>= net461) (< netstandard2.0)

GROUP Build
NUGET
  remote: https://www.nuget.org/api/v2
    FAKE (4.64.4)
